GEM
  remote: https://rubygems.org/
  specs:
    byebug (11.1.3)
    coderay (1.1.3)
    erubi (1.10.0)
    ffi (1.15.3)
    method_source (1.0.0)
    minitest (5.14.4)
    minitest-global_expectations (1.0.1)
      minitest (> 5)
    minitest-hooks (1.5.0)
      minitest (> 5.3)
    pg (1.2.3)
    pry (0.13.1)
      coderay (~> 1.1)
      method_source (~> 1.0)
    rack (2.2.3)
    rack-unreloader (1.7.0)
    refrigerator (1.3.0)
    roda (3.46.0)
      rack
    ruby_jard (0.3.1)
      byebug (>= 9.1, < 12.0)
      pry (~> 0.13.0)
      tty-screen (~> 0.8.1)
    sassc (2.4.0)
      ffi (~> 1.9)
    sequel (5.46.0)
    sequel-annotate (1.7.0)
      sequel (>= 4)
    sequel_pg (1.14.0)
      pg (>= 0.18.0, != 1.2.0)
      sequel (>= 4.38.0)
    tilt (2.0.10)
    tty-screen (0.8.1)
    warning (1.2.0)
    webrick (1.7.0)

PLATFORMS
  x86_64-linux

DEPENDENCIES
  erubi (>= 1.5)
  minitest (>= 5.7.0)
  minitest-global_expectations
  minitest-hooks (>= 1.1.0)
  rack-unreloader
  refrigerator (>= 1)
  roda (>= 3.19)
  ruby_jard
  sassc (>= 2)
  sequel (>= 5)
  sequel-annotate
  sequel_pg (>= 1.8)
  tilt (>= 2.0.9)
  warning
  webrick

BUNDLED WITH
   2.2.15
